GEM
  remote: https://rubygems.org/
  specs:
    addressable (2.4.0)
    curb (0.9.3)
    faraday (0.9.2)
      multipart-post (>= 1.2, < 3)
    hashie (3.4.3)
    httpi (2.4.2)
      rack
      socksify
    mini_portile2 (2.1.0)
    multipart-post (2.0.0)
    nokogiri (1.6.8)
      mini_portile2 (~> 2.1.0)
      pkg-config (~> 1.1.7)
    nori (2.6.0)
    octokit (4.3.0)
      sawyer (~> 0.7.0, >= 0.5.3)
    pkg-config (1.1.7)
    rack (1.6.4)
    sawyer (0.7.0)
      addressable (>= 2.3.5, < 2.5)
      faraday (~> 0.8, < 0.10)
    socksify (1.7.0)

PLATFORMS
  ruby

DEPENDENCIES
  curb
  hashie
  httpi
  nokogiri
  nori
  octokit (~> 4.0)

BUNDLED WITH
   1.12.5
